GEM
  remote: https://rubygems.org/
  specs:
    activesupport (4.2.1)
      i18n (~> 0.7)
      json (~> 1.7, >= 1.7.7)
      minitest (~> 5.1)
      thread_safe (~> 0.3, >= 0.3.4)
      tzinfo (~> 1.1)
    claide (0.8.1)
    clamp (0.6.5)
    cocoapods (0.37.2)
      activesupport (>= 3.2.15)
      claide (~> 0.8.1)
      cocoapods-core (= 0.37.2)
      cocoapods-downloader (~> 0.9.0)
      cocoapods-plugins (~> 0.4.2)
      cocoapods-trunk (~> 0.6.1)
      cocoapods-try (~> 0.4.5)
      colored (~> 1.2)
      escape (~> 0.0.4)
      molinillo (~> 0.2.3)
      nap (~> 0.8)
      xcodeproj (~> 0.24.2)
    cocoapods-core (0.37.2)
      activesupport (>= 3.2.15)
      fuzzy_match (~> 2.0.4)
      nap (~> 0.8.0)
    cocoapods-deintegrate (0.2.1)
      cocoapods (~> 0.34)
    cocoapods-downloader (0.9.0)
    cocoapods-plugins (0.4.2)
      nap
    cocoapods-trunk (0.6.1)
      nap (>= 0.8)
      netrc (= 0.7.8)
    cocoapods-try (0.4.5)
    colored (1.2)
    coveralls (0.8.1)
      json (~> 1.8)
      rest-client (>= 1.6.8, < 2)
      simplecov (~> 0.10.0)
      term-ansicolor (~> 1.3)
      thor (~> 0.19.1)
    docile (1.1.5)
    domain_name (0.5.24)
      unf (>= 0.0.5, < 1.0.0)
    escape (0.0.4)
    fuzzy_match (2.0.4)
    http-cookie (1.0.2)
      domain_name (~> 0.5)
    i18n (0.7.0)
    json (1.8.2)
    label (1.0.0)
    mime-types (2.6.1)
    mini_portile (0.6.2)
    minitest (5.7.0)
    molinillo (0.2.3)
    nap (0.8.0)
    netrc (0.7.8)
    nokogiri (1.6.6.2)
      mini_portile (~> 0.6.0)
    rest-client (1.8.0)
      http-cookie (>= 1.0.2, < 2.0)
      mime-types (>= 1.16, < 3.0)
      netrc (~> 0.7)
    simplecov (0.10.0)
      docile (~> 1.1.0)
      json (~> 1.8)
      simplecov-html (~> 0.10.0)
    simplecov-html (0.10.0)
    slather (1.7.1)
      clamp (~> 0.6)
      nokogiri (~> 1.6.3)
      xcodeproj (~> 0.24.1)
    term-ansicolor (1.3.0)
      tins (~> 1.0)
    thor (0.19.1)
    thread_safe (0.3.5)
    tins (1.5.2)
    tzinfo (1.2.2)
      thread_safe (~> 0.1)
    unf (0.1.4)
      unf_ext
    unf_ext (0.0.7.1)
    xcodeproj (0.24.2)
      activesupport (>= 3)
      colored (~> 1.2)
    xcpretty (0.1.10)

PLATFORMS
  ruby

DEPENDENCIES
  cocoapods
  cocoapods-deintegrate
  coveralls
  label
  slather
  xcpretty

BUNDLED WITH
   1.10.2
